GEM
  remote: https://rubygems.org/
  specs:
    ast (2.4.0)
    ffi (1.11.2)
    jaro_winkler (1.5.2)
    listen (3.2.0)
      rb-fsevent (~> 0.10, >= 0.10.3)
      rb-inotify (~> 0.9, >= 0.9.10)
    minitest (5.11.3)
    parallel (1.14.0)
    parser (2.6.0.0)
      ast (~> 2.4.0)
    powerpack (0.1.2)
    psych (3.1.0)
    rainbow (3.0.0)
    rb-fsevent (0.10.3)
    rb-inotify (0.10.0)
      ffi (~> 1.0)
    rerun (0.13.0)
      listen (~> 3.0)
    rubocop (0.65.0)
      jaro_winkler (~> 1.5.1)
      parallel (~> 1.10)
      parser (>= 2.5, != 2.5.1.1)
      powerpack (~> 0.1)
      psych (>= 3.1.0)
      rainbow (>= 2.2.2, < 4.0)
      ruby-progressbar (~> 1.7)
      unicode-display_width (~> 1.4.0)
    ruby-progressbar (1.10.0)
    unicode-display_width (1.4.1)

PLATFORMS
  ruby

DEPENDENCIES
  minitest
  rerun
  rubocop

BUNDLED WITH
   1.17.3
