GEM
  remote: https://rubygems.org/
  specs:
    ast (2.4.0)
    awesome_print (1.8.0)
    coderay (1.1.2)
    debase (0.2.4.1)
      debase-ruby_core_source (>= 0.10.2)
    debase-ruby_core_source (0.10.7)
    ffi (1.11.2)
    jaro_winkler (1.5.4)
    listen (3.2.0)
      rb-fsevent (~> 0.10, >= 0.10.3)
      rb-inotify (~> 0.9, >= 0.9.10)
    method_source (0.9.2)
    minitest (5.13.0)
    parallel (1.19.0)
    parser (2.6.5.0)
      ast (~> 2.4.0)
    pry (0.12.2)
      coderay (~> 1.1.0)
      method_source (~> 0.9.0)
    rainbow (3.0.0)
    rake (13.0.1)
    rb-fsevent (0.10.3)
    rb-inotify (0.10.0)
      ffi (~> 1.0)
    rerun (0.13.0)
      listen (~> 3.0)
    rubocop (0.76.0)
      jaro_winkler (~> 1.5.1)
      parallel (~> 1.10)
      parser (>= 2.6)
      rainbow (>= 2.2.2, < 4.0)
      ruby-progressbar (~> 1.7)
      unicode-display_width (>= 1.4.0, < 1.7)
    rubocop-minitest (0.4.1)
      rubocop (>= 0.74)
    rubocop-performance (1.5.1)
      rubocop (>= 0.71.0)
    ruby-debug-ide (0.7.0)
      rake (>= 0.8.1)
    ruby-progressbar (1.10.1)
    unicode-display_width (1.6.0)

PLATFORMS
  ruby

DEPENDENCIES
  awesome_print
  debase
  minitest
  pry
  rerun
  rubocop
  rubocop-minitest
  rubocop-performance
  ruby-debug-ide

BUNDLED WITH
   1.17.3
